GEM
  remote: http://rubygems.org/
  specs:
    coderay (1.1.1)
    gnuplot (2.6.2)
    method_source (0.8.2)
    pry (0.10.3)
      coderay (~> 1.1.0)
      method_source (~> 0.8.1)
      slop (~> 3.4)
    ruby-fann (1.2.6)
    slop (3.6.0)

PLATFORMS
  ruby

DEPENDENCIES
  gnuplot
  pry
  ruby-fann

BUNDLED WITH
   1.11.2
